PATH
  remote: .
  specs:
    tidy_bxf (0.1.0)

GEM
  remote: https://rubygems.org/
  specs:
    minitest (5.14.4)
    rake (12.3.3)

PLATFORMS
  x86_64-linux

DEPENDENCIES
  minitest (~> 5.0)
  rake (~> 12.0)
  tidy_bxf!

BUNDLED WITH
   2.2.15
